GEM
  remote: https://rubygems.org/
  specs:
    chunky_png (1.3.1)
    coderay (1.1.0)
    compass (0.12.6)
      chunky_png (~> 1.2)
      fssm (>= 0.2.7)
      sass (~> 3.2.19)
    fssm (0.2.10)
    i18n (0.6.9)
    method_source (0.8.2)
    pg (0.17.1)
    pry (0.9.12.6)
      coderay (~> 1.0)
      method_source (~> 0.8)
      slop (~> 3.4)
    rack (1.5.2)
    rack-protection (1.5.3)
      rack
    rack-test (0.6.2)
      rack (>= 1.0)
    racksh (1.0.0)
      rack (>= 1.0)
      rack-test (>= 0.5)
    rake (10.3.1)
    sass (3.2.19)
    sequel (4.10.0)
    sequel_pg (1.6.9)
      pg (>= 0.8.0)
      sequel (>= 3.39.0)
    sinatra (1.4.5)
      rack (~> 1.4)
      rack-protection (~> 1.4)
      tilt (~> 1.3, >= 1.3.4)
    sinatra-flash (0.3.0)
      sinatra (>= 1.0.0)
    sinatra-formhelpers-huii (0.0.2)
    sinatra-partial (0.4.0)
      sinatra
    slim (2.0.2)
      temple (~> 0.6.6)
      tilt (>= 1.3.3, < 2.1)
    slop (3.5.0)
    temple (0.6.7)
    tilt (1.4.1)

PLATFORMS
  ruby

DEPENDENCIES
  compass (~> 0.12)
  i18n (~> 0.6)
  pg (~> 0.17)
  pry (~> 0.9)
  racksh (~> 1.0)
  rake (~> 10.2)
  sequel (~> 4.8)
  sequel_pg (~> 1.6)
  sinatra (~> 1.4)
  sinatra-flash (~> 0.3)
  sinatra-formhelpers-huii (~> 0.0.2)
  sinatra-partial (~> 0.4)
  slim (~> 2.0)
